GEM
  remote: https://rubygems.org/
  specs:
    base64 (0.2.0)
    bcrypt (3.1.19)
    better_errors (1.1.0)
      coderay (>= 1.0.0)
      erubis (>= 2.6.6)
    coderay (1.1.3)
    erubis (2.7.0)
    haml (5.1.2)
      temple (>= 0.8.0)
      tilt
    multi_json (1.15.0)
    mustermann (1.1.2)
      ruby2_keywords (~> 0.0.1)
    mysql2 (0.5.5)
    mysql2-cs-bind (0.1.1)
      mysql2
    newrelic_rpm (9.6.0)
      base64
    nio4r (2.5.9)
    puma (6.4.0)
      nio4r (~> 2.0)
    rack (2.2.8)
    rack-protection (2.1.0)
      rack
    rexml (3.2.6)
    ruby-graphviz (1.2.5)
      rexml
    ruby2_keywords (0.0.5)
    sinatra (2.1.0)
      mustermann (~> 1.0)
      rack (~> 2.2)
      rack-protection (= 2.1.0)
      tilt (~> 2.0)
    sinatra-contrib (2.1.0)
      multi_json
      mustermann (~> 1.0)
      rack-protection (= 2.1.0)
      sinatra (= 2.1.0)
      tilt (~> 2.0)
    stackprof (0.2.25)
    stackprof-webnav (1.0.3)
      better_errors (~> 1.1.0)
      haml (~> 5.1.2)
      ruby-graphviz (~> 1.2.4)
      sinatra (~> 2.1.0)
      sinatra-contrib (~> 2.1.0)
      stackprof (>= 0.2.13)
      webrick (~> 1.7.0)
    temple (0.10.3)
    tilt (2.3.0)
    webrick (1.7.0)

PLATFORMS
  ruby

DEPENDENCIES
  bcrypt
  mysql2
  mysql2-cs-bind
  newrelic_rpm
  puma
  sinatra
  sinatra-contrib
  stackprof-webnav

BUNDLED WITH
   2.4.10
